GEM
  remote: https://rubygems.org/
  specs:
    puppet-lint (2.3.6)

PLATFORMS
  ruby

DEPENDENCIES
  puppet-lint (~> 2.3)

BUNDLED WITH
   1.16.1
